GEM
  remote: https://rubygems.org/
  specs:
    graphql (0.13.0)
    graphql-batch (0.2.1)
      graphql (~> 0.8)
      promise.rb (~> 0.7.0.rc2)
    promise.rb (0.7.0)
    sequel (4.34.0)
    sqlite3 (1.3.11)

PLATFORMS
  ruby

DEPENDENCIES
  graphql
  graphql-batch
  sequel
  sqlite3

BUNDLED WITH
   1.11.2
